PATH
  remote: .
  specs:
    named-routes (0.2.5)
      activesupport (>= 3.0.0)

GEM
  remote: http://rubygems.org/
  specs:
    activesupport (3.0.9)
    diff-lcs (1.1.2)
    rr (1.0.2)
    rspec (2.3.0)
      rspec-core (~> 2.3.0)
      rspec-expectations (~> 2.3.0)
      rspec-mocks (~> 2.3.0)
    rspec-core (2.3.1)
    rspec-expectations (2.3.0)
      diff-lcs (~> 1.1.2)
    rspec-mocks (2.3.0)

PLATFORMS
  ruby

DEPENDENCIES
  diff-lcs (= 1.1.2)
  named-routes!
  rr (= 1.0.2)
  rspec (= 2.3.0)
