PATH
  remote: .
  specs:
    named-routes (0.2.9)
      activesupport (>= 3.2)

GEM
  remote: https://rubygems.org/
  specs:
    activesupport (4.1.6)
      i18n (~> 0.6, >= 0.6.9)
      json (~> 1.7, >= 1.7.7)
      minitest (~> 5.1)
      thread_safe (~> 0.1)
      tzinfo (~> 1.1)
    coderay (1.1.0)
    diff-lcs (1.2.5)
    i18n (0.6.11)
    json (1.8.1)
    method_source (0.8.2)
    minitest (5.4.2)
    pry (0.10.1)
      coderay (~> 1.1.0)
      method_source (~> 0.8.1)
      slop (~> 3.4)
    rr (1.0.2)
    rspec (3.1.0)
      rspec-core (~> 3.1.0)
      rspec-expectations (~> 3.1.0)
      rspec-mocks (~> 3.1.0)
    rspec-core (3.1.7)
      rspec-support (~> 3.1.0)
    rspec-expectations (3.1.2)
      diff-lcs (>= 1.2.0, < 2.0)
      rspec-support (~> 3.1.0)
    rspec-mocks (3.1.3)
      rspec-support (~> 3.1.0)
    rspec-support (3.1.2)
    slop (3.6.0)
    thread_safe (0.3.4)
    tzinfo (1.2.2)
      thread_safe (~> 0.1)

PLATFORMS
  ruby

DEPENDENCIES
  diff-lcs
  named-routes!
  pry
  rr
  rspec
