GEM
  remote: http://rubygems.org/
  specs:
    diff-lcs (1.1.2)
    extlib (0.9.15)
    rr (1.0.2)
    rspec (2.3.0)
      rspec-core (~> 2.3.0)
      rspec-expectations (~> 2.3.0)
      rspec-mocks (~> 2.3.0)
    rspec-core (2.3.1)
    rspec-expectations (2.3.0)
      diff-lcs (~> 1.1.2)
    rspec-mocks (2.3.0)

PLATFORMS
  ruby

DEPENDENCIES
  diff-lcs (= 1.1.2)
  extlib (= 0.9.15)
  rr (= 1.0.2)
  rspec (= 2.3.0)
